GEM
  remote: http://rubygems.org/
  specs:
    cgi_multipart_eof_fix (2.5.0)
    daemons (1.1.3)
    fastthread (1.0.7)
    gem_plugin (0.2.3)
    json (1.6.1)
    mongrel (1.1.5)
      cgi_multipart_eof_fix (>= 2.4)
      daemons (>= 1.0.3)
      fastthread (>= 1.0.1)
      gem_plugin (>= 0.2.3)
    pg (0.11.0)

PLATFORMS
  ruby

DEPENDENCIES
  json
  mongrel
  pg (>= 0.9)
